GEM
  remote: http://rubygems.org/
  specs:
    activesupport (5.2.1)
      concurrent-ruby (~> 1.0, >= 1.0.2)
      i18n (>= 0.7, < 2)
      minitest (~> 5.1)
      tzinfo (~> 1.1)
    authorizenet (1.9.5)
      activesupport (>= 4.2.6)
      nokogiri (~> 1.6, >= 1.6.4)
      roxml (>= 3.3.1)
    backports (3.11.3)
    coderay (1.1.2)
    concurrent-ruby (1.0.5)
    daemons (1.2.6)
    diff-lcs (1.3)
    eventmachine (1.2.7)
    ginjo-rfm (3.0.12)
    i18n (1.1.0)
      concurrent-ruby (~> 1.0)
    json (2.1.0)
    method_source (0.9.0)
    mini_portile2 (2.3.0)
    minitest (5.11.3)
    multi_json (1.13.1)
    mustermann (1.0.3)
    nokogiri (1.8.4)
      mini_portile2 (~> 2.3.0)
    pry (0.11.3)
      coderay (~> 1.1.0)
      method_source (~> 0.9.0)
    rack (2.0.5)
    rack-cors (1.0.2)
    rack-protection (2.0.3)
      rack
    rake (0.9.6)
    roxml (4.0.0)
      activesupport (>= 4.0)
      nokogiri (>= 1.3.3)
    rspec (2.99.0)
      rspec-core (~> 2.99.0)
      rspec-expectations (~> 2.99.0)
      rspec-mocks (~> 2.99.0)
    rspec-core (2.99.2)
    rspec-expectations (2.99.2)
      diff-lcs (>= 1.1.3, < 2.0)
    rspec-mocks (2.99.4)
    sinatra (2.0.3)
      mustermann (~> 1.0)
      rack (~> 2.0)
      rack-protection (= 2.0.3)
      tilt (~> 2.0)
    sinatra-contrib (2.0.3)
      activesupport (>= 4.0.0)
      backports (>= 2.8.2)
      multi_json
      mustermann (~> 1.0)
      rack-protection (= 2.0.3)
      sinatra (= 2.0.3)
      tilt (>= 1.3, < 3)
    thin (1.7.2)
      daemons (~> 1.0, >= 1.0.9)
      eventmachine (~> 1.0, >= 1.0.4)
      rack (>= 1, < 3)
    thread_safe (0.3.6)
    tilt (2.0.8)
    tzinfo (1.2.5)
      thread_safe (~> 0.1)

PLATFORMS
  ruby

DEPENDENCIES
  authorizenet (~> 1.9.5)
  ginjo-rfm (~> 3.0, >= 3.0.11)
  json
  pry
  rack
  rack-cors
  rake (~> 0.8, >= 0.8.7)
  rspec (~> 2.1)
  sinatra
  sinatra-contrib
  thin

RUBY VERSION
   ruby 2.5.1p57

BUNDLED WITH
   1.16.4
